GEM
  remote: https://rubygems.org/
  specs:
    hpricot (0.8.6)
    httpclient (2.3.4.1)
    json (1.8.1)
    mini_portile (0.5.1)
    nokogiri (1.6.0)
      mini_portile (~> 0.5.0)
    rack (1.5.2)
    rack-protection (1.5.1)
      rack
    sinatra (1.4.4)
      rack (~> 1.4)
      rack-protection (~> 1.4)
      tilt (~> 1.3, >= 1.3.4)
    tilt (1.4.1)
    torrent_api (0.2.8)
      hpricot
      nokogiri

PLATFORMS
  ruby

DEPENDENCIES
  httpclient
  json
  sinatra
  torrent_api
